GEM
  remote: https://rubygems.org/
  specs:
    dimensions (1.3.0)
    minitest (5.9.0)
    rake (11.1.2)

PLATFORMS
  ruby

DEPENDENCIES
  dimensions
  minitest
  rake

BUNDLED WITH
   1.15.4
